GEM
  remote: http://rubygems.org/
  specs:
    ParseTree (3.0.6)
      RubyInline (>= 3.7.0)
      sexp_processor (>= 3.0.0)
    RubyInline (3.8.6)
      ZenTest (~> 4.3)
    ZenTest (4.4.0)
    abstract (1.0.0)
    addressable (2.2.1)
    data_objects (0.10.1)
      addressable (~> 2.1)
    dm-aggregates (0.10.2)
      dm-core (~> 0.10.2)
    dm-core (0.10.2)
      addressable (~> 2.1)
      extlib (~> 0.9.14)
    dm-migrations (0.10.2)
      dm-core (~> 0.10.2)
    dm-serializer (0.10.2)
      dm-core (~> 0.10.2)
      fastercsv (~> 1.5.0)
      json_pure (~> 1.2.0)
    dm-timestamps (0.10.2)
      dm-core (~> 0.10.2)
    dm-types (0.10.2)
      dm-core (~> 0.10.2)
      fastercsv (~> 1.5.0)
      json_pure (~> 1.2.0)
      stringex (~> 1.1.0)
      uuidtools (~> 2.1.1)
    dm-validations (0.10.2)
      dm-core (~> 0.10.2)
    do-jdbc_sqlserver (1.2.4-java)
    do_jdbc (0.10.1-java)
      data_objects (= 0.10.1)
    do_sqlserver (0.10.1-java)
      data_objects (= 0.10.1)
      do-jdbc_sqlserver (~> 1.2.4)
      do_jdbc (= 0.10.1)
    erubis (2.6.6)
      abstract (>= 1.0.0)
    extlib (0.9.15)
    fastercsv (1.5.3)
    gem_plugin (0.2.3)
    json_pure (1.2.4)
    mailfactory (1.4.0)
      mime-types (>= 1.13.1)
    merb-action-args (1.0.15)
      ParseTree (>= 2.1.1)
      merb-core (~> 1.0.15)
      ruby2ruby (>= 1.1.9)
    merb-assets (1.0.15)
      merb-core (~> 1.0.15)
    merb-auth-core (1.0.15)
      extlib
      merb-core (~> 1.0.15)
    merb-auth-more (1.0.15)
      merb-auth-core (>= 1.0.15)
    merb-auth-slice-password (1.0.15)
      merb-auth-core (>= 1.0.15)
      merb-auth-more (>= 1.0.15)
      merb-slices (>= 1.0.15)
    merb-cache (1.0.15)
      merb-core (~> 1.0.15)
    merb-core (1.0.15)
      erubis (>= 2.6.2)
      extlib (>= 0.9.8)
      json_pure
      mime-types
      rack
      rake
      rspec
      thor (~> 0.9.9)
    merb-exceptions (1.0.15)
      merb-core (~> 1.0.15)
    merb-helpers (1.0.15)
      merb-core (~> 1.0.15)
    merb-mailer (1.0.15)
      mailfactory (>= 1.2.3)
      merb-core (~> 1.0.15)
    merb-param-protection (1.0.15)
      merb-core (~> 1.0.15)
    merb-parts (0.9.8)
      merb-core (>= 0.9.8)
    merb-slices (1.0.15)
      merb-core (~> 1.0.15)
    merb_datamapper (1.0.15)
      dm-core (~> 0.10)
      dm-migrations (~> 0.10)
      merb-core (~> 1.0.15)
    mime-types (1.16)
    mongrel (1.1.5-java)
      gem_plugin (>= 0.2.3)
    rack (1.2.1)
    rake (0.8.7)
    rspec (1.3.1)
    ruby2ruby (1.2.5)
      ruby_parser (~> 2.0)
      sexp_processor (~> 3.0)
    ruby_parser (2.0.5)
      sexp_processor (~> 3.0)
    sexp_processor (3.0.5)
    stringex (1.1.0)
    thor (0.9.9)
    uuidtools (2.1.1)

PLATFORMS
  java

DEPENDENCIES
  data_objects (= 0.10.1)
  dm-aggregates (= 0.10.2)
  dm-core (= 0.10.2)
  dm-migrations (= 0.10.2)
  dm-serializer (= 0.10.2)
  dm-timestamps (= 0.10.2)
  dm-types (= 0.10.2)
  dm-validations (= 0.10.2)
  do_sqlserver (= 0.10.1)
  merb-action-args (= 1.0.15)
  merb-assets (= 1.0.15)
  merb-auth-core (= 1.0.15)
  merb-auth-more (= 1.0.15)
  merb-auth-slice-password (= 1.0.15)
  merb-cache (= 1.0.15)
  merb-core (= 1.0.15)
  merb-exceptions (= 1.0.15)
  merb-helpers (= 1.0.15)
  merb-mailer (= 1.0.15)
  merb-param-protection (= 1.0.15)
  merb-parts (= 0.9.8)
  merb-slices (= 1.0.15)
  merb_datamapper (= 1.0.15)
  mongrel (= 1.1.5)
  uuidtools (= 2.1.1)
